GEM
  remote: https://rubygems.org/
  specs:
    addressable (2.4.0)
    crack (0.4.3)
      safe_yaml (~> 1.0.0)
    diff-lcs (1.2.5)
    docile (1.1.5)
    hashdiff (0.3.0)
    json (1.8.3)
    power_assert (0.2.7)
    rspec (3.4.0)
      rspec-core (~> 3.4.0)
      rspec-expectations (~> 3.4.0)
      rspec-mocks (~> 3.4.0)
    rspec-core (3.4.4)
      rspec-support (~> 3.4.0)
    rspec-expectations (3.4.0)
      diff-lcs (>= 1.2.0, < 2.0)
      rspec-support (~> 3.4.0)
    rspec-mocks (3.4.1)
      diff-lcs (>= 1.2.0, < 2.0)
      rspec-support (~> 3.4.0)
    rspec-support (3.4.1)
    rubygems-update (2.6.3)
    rubysl-securerandom (2.0.0)
    safe_yaml (1.0.4)
    simplecov (0.11.2)
      docile (~> 1.1.0)
      json (~> 1.8)
      simplecov-html (~> 0.10.0)
    simplecov-html (0.10.0)
    test-unit (3.1.5)
      power_assert
    webmock (1.24.5)
      addressable (>= 2.3.6)
      crack (>= 0.3.2)
      hashdiff

PLATFORMS
  ruby

DEPENDENCIES
  rspec (= 3.4.0)
  rspec-core (= 3.4.4)
  rspec-expectations (= 3.4.0)
  rspec-mocks (= 3.4.1)
  rspec-support (= 3.4.1)
  rubygems-update (= 2.6.3)
  rubysl-securerandom (= 2.0.0)
  safe_yaml (= 1.0.4)
  simplecov (= 0.11.2)
  simplecov-html (= 0.10.0)
  test-unit (= 3.1.5)
  webmock (= 1.24.5)

BUNDLED WITH
   1.11.2
